GIT
  remote: git://github.com/rack/rack.git
  revision: 2c460e3eeaa7124940f79cc19a5e16419b2980e9
  specs:
    rack (1.4.0)

GIT
  remote: git://github.com/sstephenson/sprockets.git
  revision: d13401a3a695914d03b019ffaf7fa65fe1c55b61
  specs:
    sprockets (2.0.0.beta.14)
      hike (~> 1.2)
      rack (~> 1.0)
      tilt (~> 1.1, != 1.3.0)

PATH
  remote: .
  specs:
    leafstalk (0.0.1)

GEM
  remote: http://rubygems.org/
  specs:
    hike (1.2.1)
    tilt (1.3.2)

PLATFORMS
  ruby

DEPENDENCIES
  leafstalk!
  rack!
  sprockets!
